GEM
  specs:
    bourbon (1.4.0)
      sass (>= 3.1)
    sass (3.2.5)

PLATFORMS
  ruby

DEPENDENCIES
  bourbon
